GEM
  remote: https://rubygems.org/
  specs:
    async (2.8.1)
      console (~> 1.10)
      fiber-annotation
      io-event (~> 1.1)
      timers (~> 4.1)
    bigdecimal (3.1.6)
    concurrent-ruby (1.2.3)
    console (1.23.4)
      fiber-annotation
      fiber-local
      json
    fiber-annotation (0.2.0)
    fiber-local (1.0.0)
    io-event (1.4.3)
    json (2.7.1)
    mqtt (0.6.0)
    nio4r (2.7.0)
    oj (3.16.3)
      bigdecimal (>= 3.0)
    puma (6.4.2)
      nio4r (~> 2.0)
    rack (3.0.9)
    rmodbus (1.3.3)
    timers (4.3.5)

PLATFORMS
  ruby
  x86_64-linux

DEPENDENCIES
  async
  concurrent-ruby
  mqtt
  oj
  puma
  rack
  rmodbus

BUNDLED WITH
   2.5.3
